GEM
  remote: https://rubygems.org/
  specs:
    bson (3.2.1)
    daemons (1.2.3)
    diff-lcs (1.2.5)
    eventmachine (1.0.8)
    faker (1.5.0)
      i18n (~> 0.5)
    foreman (0.78.0)
      thor (~> 0.19.1)
    i18n (0.7.0)
    mongo (2.0.6)
      bson (~> 3.0)
    rack (1.6.4)
    rack-protection (1.5.3)
      rack
    rack-test (0.6.3)
      rack (>= 1.0)
    rake (10.4.2)
    rspec (3.3.0)
      rspec-core (~> 3.3.0)
      rspec-expectations (~> 3.3.0)
      rspec-mocks (~> 3.3.0)
    rspec-core (3.3.2)
      rspec-support (~> 3.3.0)
    rspec-expectations (3.3.1)
      diff-lcs (>= 1.2.0, < 2.0)
      rspec-support (~> 3.3.0)
    rspec-mocks (3.3.2)
      diff-lcs (>= 1.2.0, < 2.0)
      rspec-support (~> 3.3.0)
    rspec-support (3.3.0)
    sinatra (1.4.6)
      rack (~> 1.4)
      rack-protection (~> 1.4)
      tilt (>= 1.3, < 3)
    sqlite3 (1.3.10)
    thin (1.6.3)
      daemons (~> 1.0, >= 1.0.9)
      eventmachine (~> 1.0)
      rack (~> 1.0)
    thor (0.19.1)
    tilt (2.0.1)
    value-object (0.1.2)

PLATFORMS
  ruby

DEPENDENCIES
  faker
  foreman
  mongo
  rack-test
  rake
  rspec
  sinatra
  sqlite3
  thin
  value-object
